GEM
  remote: https://rubygems.org/
  specs:
    ast (2.4.0)
    clockwork (2.0.3)
      tzinfo
    droid-monitor (0.6.1)
      faml
      haml
      tilt
    escape_utils (1.2.1)
    faml (0.8.1)
      escape_utils
      haml_parser (>= 0.4.0)
      parser
      temple (>= 0.7.0)
      tilt
    haml (5.0.4)
      temple (>= 0.8.0)
      tilt
    haml_parser (0.4.1)
    parser (2.5.1.0)
      ast (~> 2.4.0)
    temple (0.8.0)
    thread_safe (0.3.6)
    tilt (2.0.8)
    tzinfo (1.2.5)
      thread_safe (~> 0.1)

PLATFORMS
  ruby

DEPENDENCIES
  clockwork
  droid-monitor

BUNDLED WITH
   1.14.3
