GEM
  remote: https://rubygems.org/
  specs:
    activesupport (4.2.1)
      i18n (~> 0.7)
      json (~> 1.7, >= 1.7.7)
      minitest (~> 5.1)
      thread_safe (~> 0.3, >= 0.3.4)
      tzinfo (~> 1.1)
    ast (2.0.0)
    clockwork (1.2.0)
      activesupport
      tzinfo
    droid-monitor (0.1.0)
      faml
      tilt
    escape_utils (1.1.0)
    faml (0.2.13)
      escape_utils
      parser
      temple (>= 0.7.0)
      tilt
    i18n (0.7.0)
    json (1.8.2)
    minitest (5.6.1)
    parser (2.2.2.3)
      ast (>= 1.1, < 3.0)
    temple (0.7.5)
    thread_safe (0.3.5)
    tilt (2.0.1)
    tzinfo (1.2.2)
      thread_safe (~> 0.1)

PLATFORMS
  ruby

DEPENDENCIES
  clockwork
  droid-monitor
